GEM
  remote: https://rubygems.org/
  specs:
    ast (2.4.2)
    concurrent-ruby (1.1.10)
    connection_pool (2.3.0)
    filewatcher (2.0.0)
    json (2.6.2)
    parallel (1.22.1)
    parser (3.1.2.1)
      ast (~> 2.4.1)
    rack (3.0.0)
    rack-session (0.3.0)
      rack (>= 3.0.0.beta1)
    rackup (0.2.2)
      rack (>= 3.0.0.beta1)
      webrick
    rainbow (3.1.1)
    redis-client (0.10.0)
      connection_pool
    regexp_parser (2.6.0)
    rexml (3.2.5)
    rubocop (1.35.1)
      json (~> 2.3)
      parallel (~> 1.10)
      parser (>= 3.1.2.1)
      rainbow (>= 2.2.2, < 4.0)
      regexp_parser (>= 1.8, < 3.0)
      rexml (>= 3.2.5, < 4.0)
      rubocop-ast (>= 1.20.1, < 2.0)
      ruby-progressbar (~> 1.7)
      unicode-display_width (>= 1.4.0, < 3.0)
    rubocop-ast (1.23.0)
      parser (>= 3.1.1.0)
    rubocop-performance (1.14.3)
      rubocop (>= 1.7.0, < 2.0)
      rubocop-ast (>= 0.4.0)
    ruby-progressbar (1.11.0)
    sidekiq (7.0.0.beta1)
      concurrent-ruby (< 2)
      connection_pool (>= 2.3.0)
      rack (>= 2.2.4)
      redis-client (>= 0.9.0)
    standard (1.16.1)
      rubocop (= 1.35.1)
      rubocop-performance (= 1.14.3)
    unicode-display_width (2.3.0)
    webrick (1.7.0)
    zeitwerk (2.6.1)

PLATFORMS
  arm64-darwin-21

DEPENDENCIES
  filewatcher (~> 2.0)
  rack-session (~> 0.3.0)
  rackup (~> 0.2.2)
  sidekiq (= 7.0.0.beta1)
  standard (~> 1.16)
  zeitwerk (~> 2.6)

BUNDLED WITH
   2.4.0.dev
